GEM
  remote: https://rubygems.org/
  specs:
    rouge (1.10.1)
    xcpretty (0.2.1)
      rouge (~> 1.8)

PLATFORMS
  ruby

DEPENDENCIES
  xcpretty
